GEM
  remote: https://rubygems.org/
  specs:
    connection_pool (2.2.1)
    cowsay (0.3.0)
    mustermann (1.0.1)
    newrelic_rpm (4.6.0.338)
    puma (3.11.0)
    rack (2.0.3)
    rack-protection (2.0.0)
      rack
    redis (4.0.1)
    redis-store (1.4.1)
      redis (>= 2.2, < 5)
    sinatra (2.0.0)
      mustermann (~> 1.0)
      rack (~> 2.0)
      rack-protection (= 2.0.0)
      tilt (~> 2.0)
    tilt (2.0.8)

PLATFORMS
  ruby

DEPENDENCIES
  connection_pool
  cowsay
  newrelic_rpm
  puma
  redis
  redis-store
  sinatra

RUBY VERSION
   ruby 2.3.5p376

BUNDLED WITH
   1.16.0
