GEM
  remote: https://rubygems.org/
  specs:
    connection_pool (2.2.0)
    cowsay (0.2.0)
    puma (2.13.4)
    rack (1.6.4)
    rack-protection (1.5.3)
      rack
    redis (3.2.1)
    redis-store (1.1.6)
      redis (>= 2.2)
    sinatra (1.4.6)
      rack (~> 1.4)
      rack-protection (~> 1.4)
      tilt (>= 1.3, < 3)
    tilt (2.0.1)

PLATFORMS
  ruby

DEPENDENCIES
  connection_pool
  cowsay
  puma
  redis
  redis-store
  sinatra
